GEM
  remote: https://rubygems.org/
  specs:
    bootstrap-sass (2.2.1.1)
      sass (~> 3.2)
    chunky_png (1.2.6)
    compass (0.12.2)
      chunky_png (~> 1.2)
      fssm (>= 0.2.7)
      sass (~> 3.1)
    fssm (0.2.9)
    puma (1.6.3)
      rack (~> 1.2)
    rack (1.4.4)
    rack-protection (1.3.2)
      rack
    rake (10.0.3)
    sass (3.2.3)
    shotgun (0.9)
      rack (>= 1.0)
    sinatra (1.3.4)
      rack (~> 1.4)
      rack-protection (~> 1.3)
      tilt (~> 1.3, >= 1.3.3)
    tilt (1.3.3)

PLATFORMS
  ruby

DEPENDENCIES
  bootstrap-sass (~> 2.2.1.1)
  compass
  puma
  rake
  shotgun
  sinatra
